GEM
  remote: http://rubygems.org/
  specs:
    haml (4.0.2)
      tilt
    pg (0.17.0)
    sqlite3 (1.3.8)
    sqlite3-ruby (1.3.3)
      sqlite3 (>= 1.3.3)
    tilt (1.4.1)

PLATFORMS
  ruby

DEPENDENCIES
  haml
  pg
  sqlite3-ruby
