GEM
  remote: http://rubygems.org/
  specs:
    pg (0.17.0)

PLATFORMS
  ruby

DEPENDENCIES
  pg
