GEM
  remote: http://rubygems.org/
  specs:
    haml (4.0.2)
      tilt
    pg (0.17.0)
    tilt (1.4.1)

PLATFORMS
  ruby

DEPENDENCIES
  haml
  pg
